GIT
  remote: git://github.com/RyanScottLewis/jquery-cookie-rails.git
  revision: 8a3132d4b0ee475a71eb2697881db87a5e2c51d2
  specs:
    jquery-cookie-rails (1.4.1.0)
      railties (>= 3.2.0, < 5.0)

GIT
  remote: git://github.com/calebthompson/autosize-rails.git
  revision: 344aadbd5a23f6d8a118a0545ed18c2c2dbdc802
  specs:
    autosize-rails (1.18.8)
      rails (>= 3.1)

GIT
  remote: git://github.com/fixlr/codemirror-rails.git
  revision: 32b586c28380ce76019a224ace6c4b7a1b89b538
  specs:
    codemirror-rails (4.2)
      railties (>= 3.0, < 5)

GIT
  remote: git://github.com/joliss/jquery-ui-rails.git
  revision: a4cdafba41d71cb3e226e3c06e806e98cda6e6ed
  specs:
    jquery-ui-rails (5.0.0)
      railties (>= 3.2.16)

GIT
  remote: git://github.com/mongoid/mongoid.git
  revision: 1f8e12c5b03da1c9bd49bab12d86bef969868fb3
  specs:
    mongoid (4.0.0)
      activemodel (~> 4.0)
      moped (~> 2.0.0)
      origin (~> 2.1)
      tzinfo (>= 0.3.37)

GIT
  remote: git://github.com/plataformatec/devise.git
  revision: 66db52ce31b5d8629f5813a1d7f03a8bc17e5d52
  specs:
    devise (3.2.4)
      bcrypt (~> 3.0)
      orm_adapter (~> 0.1)
      railties (>= 3.2.6, < 5)
      thread_safe (~> 0.1)
      warden (~> 1.2.3)

GIT
  remote: git://github.com/ryanb/cancan.git
  revision: 4560928dc375f9b31de00381c98334eb6aabc4b9
  specs:
    cancan (1.6.10)

GIT
  remote: git://github.com/yutopp/angular-ui-select2-rails.git
  revision: 435b8885d6e92147cffba4d80e454861eead8c02
  specs:
    angular-ui-select2-rails (0.1.1)
      jquery-rails
      select2-rails

GEM
  remote: https://rubygems.org/
  specs:
    actionmailer (4.1.4)
      actionpack (= 4.1.4)
      actionview (= 4.1.4)
      mail (~> 2.5.4)
    actionpack (4.1.4)
      actionview (= 4.1.4)
      activesupport (= 4.1.4)
      rack (~> 1.5.2)
      rack-test (~> 0.6.2)
    actionview (4.1.4)
      activesupport (= 4.1.4)
      builder (~> 3.1)
      erubis (~> 2.7.0)
    activemodel (4.1.4)
      activesupport (= 4.1.4)
      builder (~> 3.1)
    activerecord (4.1.4)
      activemodel (= 4.1.4)
      activesupport (= 4.1.4)
      arel (~> 5.0.0)
    activesupport (4.1.4)
      i18n (~> 0.6, >= 0.6.9)
      json (~> 1.7, >= 1.7.7)
      minitest (~> 5.1)
      thread_safe (~> 0.1)
      tzinfo (~> 1.1)
    angular-ui-bootstrap-rails (0.11.0)
    angularjs-rails (1.2.20)
    arel (5.0.1.20140414130214)
    bcrypt (3.1.7)
    bootstrap-sass (3.2.0.0)
      sass (~> 3.2)
    bson (2.3.0)
    builder (3.2.2)
    coffee-rails (4.0.1)
      coffee-script (>= 2.2.0)
      railties (>= 4.0.0, < 5.0)
    coffee-script (2.3.0)
      coffee-script-source
      execjs
    coffee-script-source (1.7.1)
    commonjs (0.2.7)
    connection_pool (2.0.0)
    cool.io (1.1.1)
      iobuffer (>= 1.0.0)
    erubis (2.7.0)
    execjs (2.2.1)
    hike (1.2.3)
    i18n (0.6.11)
    iobuffer (1.1.2)
    jbuilder (2.1.3)
      activesupport (>= 3.0.0, < 5)
      multi_json (~> 1.2)
    jquery-rails (3.1.1)
      railties (>= 3.0, < 5.0)
      thor (>= 0.14, < 2.0)
    json (1.8.1)
    kaminari (0.16.1)
      actionpack (>= 3.0.0)
      activesupport (>= 3.0.0)
    less (2.5.1)
      commonjs (~> 0.2.7)
    less-rails (2.5.0)
      actionpack (>= 3.1)
      less (~> 2.5.0)
    libv8 (3.16.14.3)
    mail (2.5.4)
      mime-types (~> 1.16)
      treetop (~> 1.4.8)
    mime-types (1.25.1)
    minitest (5.4.0)
    moped (2.0.0)
      bson (~> 2.2)
      connection_pool (~> 2.0)
      optionable (~> 0.2.0)
    msgpack (0.5.8)
    msgpack-rpc (0.5.2)
      cool.io (~> 1.1.1)
      msgpack (~> 0.5.8)
    multi_json (1.10.1)
    optionable (0.2.0)
    origin (2.1.1)
    orm_adapter (0.5.0)
    polyglot (0.3.5)
    puma (2.9.0)
      rack (>= 1.1, < 2.0)
    rack (1.5.2)
    rack-test (0.6.2)
      rack (>= 1.0)
    rails (4.1.4)
      actionmailer (= 4.1.4)
      actionpack (= 4.1.4)
      actionview (= 4.1.4)
      activemodel (= 4.1.4)
      activerecord (= 4.1.4)
      activesupport (= 4.1.4)
      bundler (>= 1.3.0, < 2.0)
      railties (= 4.1.4)
      sprockets-rails (~> 2.0)
    railties (4.1.4)
      actionpack (= 4.1.4)
      activesupport (= 4.1.4)
      rake (>= 0.8.7)
      thor (>= 0.18.1, < 2.0)
    rake (10.3.2)
    rdoc (4.1.1)
      json (~> 1.4)
    ref (1.0.5)
    sass (3.2.19)
    sass-rails (4.0.3)
      railties (>= 4.0.0, < 5.0)
      sass (~> 3.2.0)
      sprockets (~> 2.8, <= 2.11.0)
      sprockets-rails (~> 2.0)
    sdoc (0.4.0)
      json (~> 1.8)
      rdoc (~> 4.0, < 5.0)
    select2-rails (3.5.9)
      thor (~> 0.14)
    spring (1.1.3)
    sprockets (2.11.0)
      hike (~> 1.2)
      multi_json (~> 1.0)
      rack (~> 1.0)
      tilt (~> 1.1, != 1.3.0)
    sprockets-rails (2.1.3)
      actionpack (>= 3.0)
      activesupport (>= 3.0)
      sprockets (~> 2.8)
    therubyracer (0.12.1)
      libv8 (~> 3.16.14.0)
      ref
    thor (0.19.1)
    thread_safe (0.3.4)
    tilt (1.4.1)
    torigoya_kit (0.0.11)
      msgpack
    treetop (1.4.15)
      polyglot
      polyglot
      polyglot
      polyglot (>= 0.3.1)
      polyglot (>= 0.3.1)
      polyglot (>= 0.3.1)
      polyglot (>= 0.3.1)
    turbolinks (2.2.2)
      coffee-rails
    tzinfo (1.2.1)
      thread_safe (~> 0.1)
    uglifier (2.5.1)
      execjs (>= 0.3.0)
      json (>= 1.8.0)
    warden (1.2.3)
      rack (>= 1.0)

PLATFORMS
  ruby

DEPENDENCIES
  angular-ui-bootstrap-rails
  angular-ui-select2-rails!
  angularjs-rails
  autosize-rails!
  bootstrap-sass
  cancan!
  codemirror-rails!
  coffee-rails (~> 4.0.0)
  devise!
  jbuilder (~> 2.0)
  jquery-cookie-rails!
  jquery-rails
  jquery-ui-rails!
  kaminari
  less-rails
  mongoid!
  msgpack-rpc
  puma
  rails (= 4.1.4)
  sass-rails (~> 4.0.3)
  sdoc (~> 0.4.0)
  spring
  therubyracer
  torigoya_kit
  turbolinks
  uglifier (>= 1.3.0)
