GIT
  remote: git://github.com/arunagw/omniauth-twitter.git
  revision: f821239c9691ab7ebfad7de7224452f325ac96bd
  specs:
    omniauth-twitter (1.1.0)
      multi_json (~> 1.3)
      omniauth-oauth (~> 1.0)

GIT
  remote: git://github.com/fixlr/codemirror-rails.git
  revision: 40d34420b853442fe29756d7a73cb1db34226742
  specs:
    codemirror-rails (4.5)
      railties (>= 3.0, < 5)

GIT
  remote: git://github.com/intridea/omniauth-github.git
  revision: 21fa5e1a7295a11eae42846690b1eee88e57c23a
  specs:
    omniauth-github (1.1.2)
      omniauth (~> 1.0)
      omniauth-oauth2 (~> 1.1)

GIT
  remote: git://github.com/intridea/omniauth.git
  revision: 5121fde10d64612289047f1d6c97b5bdf5e0af8a
  specs:
    omniauth (1.2.2)
      hashie (>= 1.2, < 4)
      rack (~> 1.0)

GIT
  remote: git://github.com/mongoid/mongoid.git
  revision: f4f489e45adb0059fae6854d8a29ebb79cc6c8fd
  specs:
    mongoid (4.0.0)
      activemodel (~> 4.0)
      moped (~> 2.0.0)
      origin (~> 2.1)
      tzinfo (>= 0.3.37)

GIT
  remote: git://github.com/plataformatec/devise.git
  revision: e54326c19c68f10df2548fcaaab411e93178b279
  specs:
    devise (3.4.1)
      bcrypt (~> 3.0)
      orm_adapter (~> 0.1)
      railties (>= 3.2.6, < 5)
      responders
      thread_safe (~> 0.1)
      warden (~> 1.2.3)

GIT
  remote: git://github.com/seuros/capistrano-puma.git
  revision: db6bf3570d0594c54359233162682bb875eaa87b
  specs:
    capistrano3-puma (0.8.3)
      capistrano (~> 3.0)
      puma (>= 2.6)

GIT
  remote: git://github.com/yutopp/typescript-rails.git
  revision: 95d55595e5e00bcbdb1fdce2305cfa53b83ac0fc
  specs:
    typescript-rails (0.4.1)
      railties
      tilt
      typescript-node (>= 1.1.0)

GEM
  remote: https://rubygems.org/
  remote: https://rails-assets.org/
  specs:
    actionmailer (4.1.4)
      actionpack (= 4.1.4)
      actionview (= 4.1.4)
      mail (~> 2.5.4)
    actionpack (4.1.4)
      actionview (= 4.1.4)
      activesupport (= 4.1.4)
      rack (~> 1.5.2)
      rack-test (~> 0.6.2)
    actionview (4.1.4)
      activesupport (= 4.1.4)
      builder (~> 3.1)
      erubis (~> 2.7.0)
    activemodel (4.1.4)
      activesupport (= 4.1.4)
      builder (~> 3.1)
    activerecord (4.1.4)
      activemodel (= 4.1.4)
      activesupport (= 4.1.4)
      arel (~> 5.0.0)
    activesupport (4.1.4)
      i18n (~> 0.6, >= 0.6.9)
      json (~> 1.7, >= 1.7.7)
      minitest (~> 5.1)
      thread_safe (~> 0.1)
      tzinfo (~> 1.1)
    angular-ui-bootstrap-rails (0.11.2)
    angularjs-rails (1.3.2)
    arel (5.0.1.20140414130214)
    bcrypt (3.1.9)
    bootstrap-sass (3.3.1.0)
      sass (~> 3.2)
    bson (2.3.0)
    builder (3.2.2)
    cancancan (1.9.2)
    capistrano (3.1.0)
      i18n
      rake (>= 10.0.0)
      sshkit (~> 1.3)
    capistrano-bundler (1.1.3)
      capistrano (~> 3.1)
      sshkit (~> 1.2)
    capistrano-rails (1.1.2)
      capistrano (~> 3.1)
      capistrano-bundler (~> 1.1)
    capistrano-rbenv (2.0.2)
      capistrano (~> 3.1)
      sshkit (~> 1.3)
    coffee-rails (4.0.1)
      coffee-script (>= 2.2.0)
      railties (>= 4.0.0, < 5.0)
    coffee-script (2.3.0)
      coffee-script-source
      execjs
    coffee-script-source (1.8.0)
    colorize (0.7.3)
    commonjs (0.2.7)
    connection_pool (2.0.0)
    cool.io (1.1.1)
      iobuffer (>= 1.0.0)
    dotenv (1.0.2)
    dotenv-deployment (0.2.0)
      dotenv (~> 1.0)
    dotenv-rails (1.0.2)
      dotenv (= 1.0.2)
    erubis (2.7.0)
    execjs (2.2.2)
    faraday (0.9.0)
      multipart-post (>= 1.2, < 3)
    gon (5.2.3)
      actionpack (>= 2.3.0)
      json
      multi_json
      request_store (>= 1.0.5)
    hashie (3.3.1)
    hike (1.2.3)
    i18n (0.6.11)
    iobuffer (1.1.2)
    jbuilder (2.2.4)
      activesupport (>= 3.0.0, < 5)
      multi_json (~> 1.2)
    json (1.8.1)
    jwt (1.0.0)
    kaminari (0.16.1)
      actionpack (>= 3.0.0)
      activesupport (>= 3.0.0)
    less (2.6.0)
      commonjs (~> 0.2.7)
    less-rails (2.6.0)
      actionpack (>= 3.1)
      less (~> 2.6.0)
    libv8 (3.16.14.7)
    mail (2.5.4)
      mime-types (~> 1.16)
      treetop (~> 1.4.8)
    mime-types (1.25.1)
    minitest (5.4.3)
    mongoid-grid_fs (2.1.0)
      mime-types (>= 1.0, < 3.0)
      mongoid (>= 3.0, < 5.0)
    moped (2.0.1)
      bson (~> 2.2)
      connection_pool (~> 2.0)
      optionable (~> 0.2.0)
    msgpack (0.5.9)
    msgpack-rpc (0.5.2)
      cool.io (~> 1.1.1)
      msgpack (~> 0.5.8)
    multi_json (1.10.1)
    multi_xml (0.5.5)
    multipart-post (2.0.0)
    net-scp (1.2.1)
      net-ssh (>= 2.6.5)
    net-ssh (2.9.1)
    oauth (0.4.7)
    oauth2 (1.0.0)
      faraday (>= 0.8, < 0.10)
      jwt (~> 1.0)
      multi_json (~> 1.3)
      multi_xml (~> 0.5)
      rack (~> 1.2)
    omniauth-oauth (1.0.1)
      oauth
      omniauth (~> 1.0)
    omniauth-oauth2 (1.2.0)
      faraday (>= 0.8, < 0.10)
      multi_json (~> 1.3)
      oauth2 (~> 1.0)
      omniauth (~> 1.2)
    optionable (0.2.0)
    origin (2.1.1)
    orm_adapter (0.5.0)
    polyglot (0.3.5)
    puma (2.9.2)
      rack (>= 1.1, < 2.0)
    rack (1.5.2)
    rack-accept (0.4.5)
      rack (>= 0.4)
    rack-test (0.6.2)
      rack (>= 1.0)
    rails (4.1.4)
      actionmailer (= 4.1.4)
      actionpack (= 4.1.4)
      actionview (= 4.1.4)
      activemodel (= 4.1.4)
      activerecord (= 4.1.4)
      activesupport (= 4.1.4)
      bundler (>= 1.3.0, < 2.0)
      railties (= 4.1.4)
      sprockets-rails (~> 2.0)
    rails-assets-angular (1.3.2)
    rails-assets-angular-ui-select2 (0.0.5)
      rails-assets-angular (>= 1.2.0)
      rails-assets-jquery (>= 1.6.4)
      rails-assets-select2 (~> 3.4)
    rails-assets-jquery (2.1.1)
    rails-assets-jquery-autosize (1.18.15)
      rails-assets-jquery (>= 1.7)
    rails-assets-jquery-cookie (1.4.1)
      rails-assets-jquery (>= 1.2)
    rails-assets-jquery-ui (1.11.2)
      rails-assets-jquery (>= 1.6)
    rails-assets-jquery-ujs (1.0.1)
      rails-assets-jquery (> 1.8)
    rails-assets-select2 (3.5.2)
      rails-assets-jquery (>= 1.7.1)
    railties (4.1.4)
      actionpack (= 4.1.4)
      activesupport (= 4.1.4)
      rake (>= 0.8.7)
      thor (>= 0.18.1, < 2.0)
    rake (10.3.2)
    rdoc (4.1.2)
      json (~> 1.4)
    ref (1.0.5)
    request_store (1.1.0)
    responders (1.1.2)
      railties (>= 3.2, < 4.2)
    sass (3.2.19)
    sass-rails (4.0.4)
      railties (>= 4.0.0, < 5.0)
      sass (~> 3.2.2)
      sprockets (~> 2.8, < 2.12)
      sprockets-rails (~> 2.0)
    sdoc (0.4.1)
      json (~> 1.7, >= 1.7.7)
      rdoc (~> 4.0)
    spring (1.1.3)
    sprockets (2.11.3)
      hike (~> 1.2)
      multi_json (~> 1.0)
      rack (~> 1.0)
      tilt (~> 1.1, != 1.3.0)
    sprockets-rails (2.2.0)
      actionpack (>= 3.0)
      activesupport (>= 3.0)
      sprockets (>= 2.8, < 4.0)
    sshkit (1.5.1)
      colorize
      net-scp (>= 1.1.2)
      net-ssh (>= 2.8.0)
    therubyracer (0.12.1)
      libv8 (~> 3.16.14.0)
      ref
    thor (0.19.1)
    thread_safe (0.3.4)
    tilt (1.4.1)
    torigoya_kit (0.0.11)
      msgpack
    treetop (1.4.15)
      polyglot
      polyglot (>= 0.3.1)
    turbolinks (2.5.2)
      coffee-rails
    turnout (2.0.1)
      rack (~> 1.3)
      rack-accept (~> 0.4)
    typescript-node (1.1.0)
      typescript-src (~> 1.0.1)
    typescript-src (1.0.1.2)
    tzinfo (1.2.2)
      thread_safe (~> 0.1)
    uglifier (2.5.3)
      execjs (>= 0.3.0)
      json (>= 1.8.0)
    warden (1.2.3)
      rack (>= 1.0)

PLATFORMS
  ruby

DEPENDENCIES
  angular-ui-bootstrap-rails
  angularjs-rails
  bootstrap-sass
  cancancan (~> 1.9)
  capistrano (~> 3.1.0)
  capistrano-bundler
  capistrano-rails
  capistrano-rbenv
  capistrano3-puma!
  codemirror-rails!
  coffee-rails (~> 4.0.0)
  devise!
  dotenv-deployment
  dotenv-rails
  gon
  jbuilder (~> 2.0)
  kaminari
  less-rails
  mongoid!
  mongoid-grid_fs
  msgpack-rpc
  omniauth!
  omniauth-github!
  omniauth-twitter!
  puma
  rails (= 4.1.4)
  rails-assets-angular-ui-select2
  rails-assets-jquery
  rails-assets-jquery-autosize
  rails-assets-jquery-cookie
  rails-assets-jquery-ui
  rails-assets-jquery-ujs
  sass-rails (~> 4.0.3)
  sdoc (~> 0.4.0)
  spring
  therubyracer
  torigoya_kit
  turbolinks
  turnout
  typescript-rails!
  uglifier (>= 1.3.0)
